GEM
  remote: https://rubygems.org/
  specs:
    childprocess (3.0.0)
    ffi (1.15.0-x64-mingw32)
    regexp_parser (2.1.1)
    rubyzip (2.3.0)
    selenium-webdriver (3.142.7)
      childprocess (>= 0.5, < 4.0)
      rubyzip (>= 1.2.2)
    watir (6.19.1)
      regexp_parser (>= 1.2, < 3)
      selenium-webdriver (>= 3.142.7)

PLATFORMS
  x64-mingw32

DEPENDENCIES
  ffi
  watir

BUNDLED WITH
   2.2.3
